PATH
  remote: .
  specs:
    simple_download (0.0.1)
      httpclient

GEM
  remote: https://rubygems.org/
  specs:
    httpclient (2.3.4.1)
    rake (10.1.0)

PLATFORMS
  ruby

DEPENDENCIES
  bundler (~> 1.3)
  rake
  simple_download!
